GEM
  remote: http://rubygems.org/
  specs:
    CFPropertyList (2.2.1)
    activemodel (4.0.0)
      activesupport (= 4.0.0)
      builder (~> 3.1.0)
    activerecord (4.0.0)
      activemodel (= 4.0.0)
      activerecord-deprecated_finders (~> 1.0.2)
      activesupport (= 4.0.0)
      arel (~> 4.0.0)
    activerecord-deprecated_finders (1.0.4)
    activerecord-oracle_enhanced-adapter (1.5.1)
    activesupport (4.0.0)
      i18n (~> 0.6, >= 0.6.4)
      minitest (~> 4.2)
      multi_json (~> 1.3)
      thread_safe (~> 0.1)
      tzinfo (~> 0.3.37)
    addressable (2.3.5)
    aes (0.5.0)
    akami (1.2.0)
      gyoku (>= 0.4.0)
      nokogiri (>= 1.4.0)
    appium_lib (5.0.1)
      awesome_print (~> 1.6, >= 1.6.0)
      json (~> 1.8, >= 1.8.1)
      nokogiri (~> 1.6.3.1)
      selenium-webdriver (~> 2.41, >= 2.41.0)
      toml (~> 0.0, >= 0.0.4)
    archive-zip (0.7.0)
      io-like (~> 0.3.0)
    arel (4.0.2)
    atomic (1.1.13)
    au3 (0.1.2)
      win32-api (>= 1.4)
    awesome_print (1.6.1)
    blankslate (2.1.2.4)
    browsermob-proxy (0.1.8)
      childprocess (~> 0.5)
      har
      multi_json (~> 1.0)
      rest-client
    builder (3.1.0)
    byebug (5.0.0)
      columnize (= 0.9.0)
    calabash-android (0.5.14)
      awesome_print (~> 1.2)
      cucumber (~> 1.3.17)
      escape (~> 0.0.4)
      httpclient (>= 2.3.2, < 3.0)
      json (~> 1.8)
      retriable (>= 1.3.3.1, < 1.5)
      rubyzip (~> 1.1)
      slowhandcuke (~> 0.0.3)
    calabash-common (0.0.1)
      cucumber (~> 1.3.0)
    calabash-cucumber (0.14.3)
      CFPropertyList
      awesome_print
      bundler (~> 1.3)
      calabash-common (~> 0.0.1)
      cucumber (~> 1.3.17)
      edn (>= 1.0.6, < 2.0)
      geocoder (>= 1.1.8, < 2.0)
      httpclient (>= 2.3.2, < 3.0)
      json
      run_loop (>= 1.3.3, < 2.0)
      sim_launcher (~> 0.4.13)
      slowhandcuke (~> 0.0.3)
    childprocess (0.5.1)
      ffi (~> 1.0, >= 1.0.11)
    chunky_png (1.3.4)
    coderay (1.1.0)
    columnize (0.9.0)
    countries (0.11.1)
      currencies (~> 0.4.2)
      i18n_data (~> 0.6.0)
    crb (1.0.1)
    cucumber (1.3.17)
      builder (>= 2.1.2)
      diff-lcs (>= 1.1.3)
      gherkin (~> 2.12)
      multi_json (>= 1.7.5, < 2.0)
      multi_test (>= 0.1.1)
    cucumber_analytics (1.5.1)
      gherkin
      json (~> 1.0)
      multi_json (~> 1.0)
    cuke_sniffer (0.0.7)
      roxml
    currencies (0.4.2)
    data_magic (0.15.2)
      faker (>= 1.1.2)
      yml_reader (>= 0.2)
    diff-lcs (1.1.3)
    edn (1.0.6)
    escape (0.0.4)
    faker (1.2.0)
      i18n (~> 0.5)
    faraday (0.9.2)
      multipart-post (>= 1.2, < 3)
    ffi (1.9.6)
    ffi (1.9.6-x86-mingw32)
    geocoder (1.1.8)
    geokit (1.10.0)
    gherkin (2.12.2)
      multi_json (~> 1.3)
    gherkin (2.12.2-x86-mingw32)
      multi_json (~> 1.3)
    gmail (0.5.0)
      gmail_xoauth (>= 0.3.0)
      mail (>= 2.2.1)
    gmail_xoauth (0.4.1)
      oauth (>= 0.3.6)
    gyoku (1.1.0)
      builder (>= 2.1.2)
    har (0.0.9)
      jschematic (>= 0.1.0)
      json
      launchy (>= 0.3.7)
    hashie (3.4.3)
    headless (2.2.0)
    htmlentities (4.3.3)
    httparty (0.10.0)
      multi_json (~> 1.0)
      multi_xml
    httpclient (2.3.4.1)
    httpi (2.2.3)
      rack
    i18n (0.6.5)
    i18n_data (0.6.3)
    ibm_db (2.6.1)
      activerecord (>= 1.15.1)
    ibm_db (2.6.1-x86-mingw32)
      activerecord (>= 1.15.1)
      archive-zip (>= 0.7.0)
    io-like (0.3.0)
    jschematic (0.1.0)
      addressable
    json (1.8.1)
    jsondoc (0.0.4)
    launchy (2.3.0)
      addressable (~> 2.3)
    location-one (0.0.10)
      geocoder (~> 1.1)
      httpclient (~> 2.3.3)
      json
    logger (1.2.8)
    macaddr (1.6.1)
      systemu (~> 2.5.0)
    mail (2.6.3)
      mime-types (>= 1.16, < 3)
    memoist (0.12.0)
    method_source (0.8.2)
    mime-types (1.24)
    mini_magick (3.5.0)
      subexec (~> 0.2.1)
    mini_portile (0.6.0)
    minitest (4.7.5)
    multi_json (1.7.9)
    multi_test (0.1.2)
    multi_xml (0.5.5)
    multipart-post (2.0.0)
    net-http-persistent (2.9)
    net-ssh (2.6.8)
    net-ssh-gateway (1.2.0)
      net-ssh (>= 2.6.5)
    nokogiri (1.6.3.1)
      mini_portile (= 0.6.0)
    nokogiri (1.6.3.1-x86-mingw32)
      mini_portile (= 0.6.0)
    nori (2.4.0)
    oauth (0.4.7)
    page-object (0.9.2)
      page_navigation (>= 0.8)
      selenium-webdriver (>= 2.35.0)
      watir-webdriver (>= 0.6.4)
    page_navigation (0.9)
      data_magic (>= 0.14)
    parallel (1.6.1)
    parallel_tests (1.9.0)
      parallel
    parslet (1.4.0)
      blankslate (~> 2.0)
    pry (0.10.3)
      coderay (~> 1.1.0)
      method_source (~> 0.8.1)
      slop (~> 3.4)
    pry-byebug (3.2.0)
      byebug (~> 5.0)
      pry (~> 0.10)
    rack (1.5.2)
    rack-protection (1.5.0)
      rack
    rack-test (0.6.2)
      rack (>= 1.0)
    rake (0.9.2.2)
    random_data (1.6.0)
    rautomation (0.17.0)
      ffi (~> 1.9.0)
    require_all (1.2.1)
    rest-client (1.6.7)
      mime-types (>= 1.16)
    retriable (1.4.1)
    roodi (4.0.0)
      ruby_parser (~> 3.2, >= 3.2.2)
    roxml (3.3.1)
      activesupport (>= 2.3.0)
      nokogiri (>= 1.3.3)
    rspec (2.12.0)
      rspec-core (~> 2.12.0)
      rspec-expectations (~> 2.12.0)
      rspec-mocks (~> 2.12.0)
    rspec-core (2.12.2)
    rspec-expectations (2.12.1)
      diff-lcs (~> 1.1.3)
    rspec-mocks (2.12.2)
    ruby-oci8 (2.2.1)
    ruby-oci8 (2.2.1-x86-mingw32)
    ruby_parser (3.6.5)
      sexp_processor (~> 4.1)
    rubyntlm (0.5.2)
    rubyzip (1.1.7)
    run_loop (1.3.3)
      CFPropertyList (~> 2.2)
      awesome_print (~> 1.2)
      json (~> 1.8)
      retriable (>= 1.3.3.1, < 2.1)
      thor (>= 0.18.1, < 1.0)
    sauce_whisk (0.0.13)
      json (~> 1.8.1)
      rest-client (~> 1.6.7)
    savon (2.6.0)
      akami (~> 1.2.0)
      builder (>= 2.1.2)
      gyoku (~> 1.1.0)
      httpi (~> 2.2.3)
      nokogiri (>= 1.4.0)
      nori (~> 2.4.0)
      uuid (~> 2.3.7)
      wasabi (~> 3.3.0)
    selenium-client (1.2.18)
    selenium-webdriver (2.45.0)
      childprocess (~> 0.5)
      multi_json (~> 1.0)
      rubyzip (~> 1.0)
      websocket (~> 1.0)
    sexp_processor (4.6.0)
    sim_launcher (0.4.13)
      sinatra
    sinatra (1.4.3)
      rack (~> 1.4)
      rack-protection (~> 1.4)
      tilt (~> 1.3, >= 1.3.4)
    slop (3.6.0)
    slowhandcuke (0.0.3)
      cucumber
    subexec (0.2.3)
    syntax (1.0.0)
    systemu (2.5.2)
    thor (0.18.1)
    thread_safe (0.1.2)
      atomic
    tilt (1.4.1)
    toml (0.0.4)
      parslet
    tzinfo (0.3.37)
    uuid (2.3.7)
      macaddr (~> 1.0)
    versionone_sdk (0.1.1)
      faraday (~> 0, >= 0)
      jsondoc (~> 0, >= 0.0.4)
      nokogiri (~> 1.5, >= 1.5.0)
    wasabi (3.3.0)
      httpi (~> 2.0)
      mime-types (< 2.0.0)
      nokogiri (>= 1.4.0)
    watir-webdriver (0.7.0)
      selenium-webdriver (>= 2.45)
    websocket (1.0.7)
    win32-api (1.4.8)
    win32-api (1.4.8-x86-mingw32)
    win32screenshot (1.0.10)
      ffi (~> 1.0)
      mini_magick (~> 3.5.0)
      rautomation (~> 0.7)
    xpath (0.1.4)
      nokogiri (~> 1.3)
    yard (0.8.7)
    yml_reader (0.2)

PLATFORMS
  ruby
  x86-mingw32

DEPENDENCIES
  CFPropertyList (= 2.2.1)
  activerecord (= 4.0.0)
  activerecord-oracle_enhanced-adapter (= 1.5.1)
  activesupport (= 4.0.0)
  addressable (= 2.3.5)
  aes
  akami (= 1.2.0)
  appium_lib (= 5.0.1)
  atomic (= 1.1.13)
  au3 (= 0.1.2)
  browsermob-proxy (= 0.1.8)
  builder (= 3.1.0)
  calabash-android (~> 0.5.2)
  calabash-common (= 0.0.1)
  calabash-cucumber (= 0.14.3)
  childprocess (= 0.5.1)
  chunky_png (= 1.3.4)
  countries (= 0.11.1)
  crb
  cucumber (= 1.3.17)
  cucumber_analytics (= 1.5.1)
  cuke_sniffer (= 0.0.7)
  data_magic (= 0.15.2)
  diff-lcs (= 1.1.3)
  edn (= 1.0.6)
  faker (= 1.2.0)
  ffi (= 1.9.6)
  geocoder (= 1.1.8)
  geokit
  gherkin (= 2.12.2)
  gmail (= 0.5.0)
  gyoku (= 1.1.0)
  har (= 0.0.9)
  hashie
  headless (= 2.2.0)
  htmlentities (= 4.3.3)
  httparty (= 0.10.0)
  httpclient (= 2.3.4.1)
  httpi (= 2.2.3)
  i18n (= 0.6.5)
  ibm_db
  jschematic (= 0.1.0)
  json (= 1.8.1)
  launchy (= 2.3.0)
  location-one (= 0.0.10)
  logger (= 1.2.8)
  macaddr (= 1.6.1)
  memoist
  mime-types (= 1.24)
  minitest (= 4.7.5)
  multi_json (= 1.7.9)
  multi_xml (= 0.5.5)
  net-http-persistent (= 2.9)
  net-ssh (= 2.6.8)
  net-ssh-gateway (= 1.2.0)
  nokogiri (= 1.6.3.1)
  nori (= 2.4.0)
  page-object (= 0.9.2)
  page_navigation (= 0.9)
  parallel_tests
  parslet (= 1.4.0)
  pry
  pry-byebug
  rack (= 1.5.2)
  rack-protection (= 1.5.0)
  rack-test (= 0.6.2)
  rake (= 0.9.2.2)
  random_data (= 1.6.0)
  rautomation
  require_all (= 1.2.1)
  rest-client (= 1.6.7)
  roodi (= 4.0.0)
  roxml (= 3.3.1)
  rspec (= 2.12.0)
  rspec-core (= 2.12.2)
  rspec-expectations (= 2.12.1)
  rspec-mocks (= 2.12.2)
  ruby-oci8
  ruby_parser (= 3.6.5)
  rubyntlm
  run_loop (= 1.3.3)
  sauce_whisk (= 0.0.13)
  savon (= 2.6.0)
  selenium-client
  selenium-webdriver (~> 2.45.0)
  sim_launcher (= 0.4.13)
  sinatra (= 1.4.3)
  slowhandcuke (= 0.0.3)
  syntax (= 1.0.0)
  systemu (= 2.5.2)
  thor (= 0.18.1)
  thread_safe (= 0.1.2)
  tilt (= 1.4.1)
  tzinfo (= 0.3.37)
  uuid (= 2.3.7)
  versionone_sdk (~> 0.1)
  wasabi (= 3.3.0)
  websocket (= 1.0.7)
  win32screenshot (= 1.0.10)
  xpath (= 0.1.4)
  yard (= 0.8.7)
  yml_reader (= 0.2)

BUNDLED WITH
   1.10.6
